GEM
  remote: https://rubygems.org/
  specs:
    coderay (1.1.1)
    excon (0.59.0)
    faraday (0.13.1)
      multipart-post (>= 1.2, < 3)
    method_source (0.8.2)
    multipart-post (2.0.0)
    pg (0.18.3)
    pry (0.10.4)
      coderay (~> 1.1.0)
      method_source (~> 0.8.1)
      slop (~> 3.4)
    puma (3.2.0)
    rack (1.6.4)
    rack-protection (1.5.3)
      rack
    sequel (5.0.0)
    sinatra (1.4.8)
      rack (~> 1.5)
      rack-protection (~> 1.4)
      tilt (>= 1.3, < 3)
    slop (3.6.0)
    stripe (3.3.2)
      faraday (~> 0.9)
    tilt (2.0.6)

PLATFORMS
  ruby

DEPENDENCIES
  excon
  pg
  pry
  puma
  sequel
  sinatra
  stripe

BUNDLED WITH
   1.12.5
